GEM
  remote: https://rubygems.org/
  specs:
    activesupport (3.2.13)
      i18n (= 0.6.1)
      multi_json (~> 1.0)
    addressable (2.3.4)
    blather (0.8.4)
      activesupport (>= 2.3.11)
      eventmachine (>= 1.0.0)
      girl_friday
      niceogiri (~> 1.0)
      nokogiri (~> 1.5, >= 1.5.6)
    chronic_duration (0.10.2)
      numerizer (~> 0.1.1)
    connection_pool (1.0.0)
    dotenv (0.7.0)
    eventmachine (1.0.3)
    excon (0.20.1)
    foreman (0.63.0)
      dotenv (>= 0.7)
      thor (>= 0.13.6)
    girl_friday (0.11.2)
      connection_pool (~> 1.0)
      rubinius-actor
    heroku (2.38.1)
      heroku-api (~> 0.3.7)
      launchy (>= 0.3.2)
      netrc (~> 0.7.7)
      rest-client (~> 1.6.1)
      rubyzip
    heroku-api (0.3.9)
      excon (~> 0.20.1)
    i18n (0.6.1)
    launchy (2.3.0)
      addressable (~> 2.3)
    mime-types (1.23)
    multi_json (1.7.2)
    netrc (0.7.7)
    niceogiri (1.1.1)
      nokogiri (~> 1.5)
    nokogiri (1.5.9)
    numerizer (0.1.1)
    rdiscount (1.6.8)
    rest-client (1.6.7)
      mime-types (>= 1.16)
    rubinius-actor (0.0.2)
      rubinius-core-api
    rubinius-core-api (0.0.1)
    rubyzip (0.9.9)
    thor (0.18.1)
    video_info (1.3.2)
      multi_json

PLATFORMS
  ruby

DEPENDENCIES
  blather
  chronic_duration
  foreman
  heroku
  rdiscount (~> 1)
  video_info
