GEM
  remote: https://rubygems.org/
  specs:
    activesupport (3.2.1)
      i18n (~> 0.6)
      multi_json (~> 1.0)
    addressable (2.2.7)
    blather (0.5.12)
      activesupport (>= 3.0.7)
      eventmachine (>= 0.12.6)
      niceogiri (>= 0.1.0)
      nokogiri (~> 1.4.0)
    chronic_duration (0.9.6)
      numerizer (~> 0.1.1)
    eventmachine (0.12.10)
    foreman (0.39.0)
      term-ansicolor (~> 1.0.7)
      thor (>= 0.13.6)
    heroku (2.20.1)
      launchy (>= 0.3.2)
      rest-client (~> 1.6.1)
      rubyzip
      term-ansicolor (~> 1.0.5)
    hpricot (0.8.6)
    i18n (0.6.0)
    launchy (2.0.5)
      addressable (~> 2.2.6)
    mime-types (1.17.2)
    multi_json (1.3.5)
    niceogiri (0.1.1)
      nokogiri (~> 1.4.6)
    nokogiri (1.4.7)
    numerizer (0.1.1)
    rdiscount (1.6.8)
    rest-client (1.6.7)
      mime-types (>= 1.16)
    rubyzip (0.9.6.1)
    term-ansicolor (1.0.7)
    thor (0.14.6)
    video_info (0.3.0)
      hpricot (~> 0.8.4)

PLATFORMS
  ruby

DEPENDENCIES
  blather
  chronic_duration
  foreman
  heroku
  rdiscount
  video_info
